GEM
  remote: https://rubygems.org/
  specs:
    date (3.4.1)
    dotenv (3.1.4)
    mail (2.8.1)
      mini_mime (>= 0.1.1)
      net-imap
      net-pop
      net-smtp
    mini_mime (1.1.5)
    net-imap (0.5.1)
      date
      net-protocol
    net-pop (0.1.2)
      net-protocol
    net-protocol (0.2.2)
      timeout
    net-smtp (0.5.0)
      net-protocol
    timeout (0.4.2)

PLATFORMS
  x64-mingw-ucrt

DEPENDENCIES
  dotenv
  mail

RUBY VERSION
   ruby 3.3.6p108

BUNDLED WITH
   2.5.22
