GEM
  remote: https://rubygems.org/
  specs:
    appwrite (13.0.1)
      mime-types (~> 3.4.1)
    mime-types (3.4.1)
      mime-types-data (~> 3.2015)
    mime-types-data (3.2024.1105)

PLATFORMS
  x64-mingw-ucrt

DEPENDENCIES
  appwrite (~> 13.0)

BUNDLED WITH
   2.5.22
